PATH
  remote: .
  specs:
    azure_app_config (1.1.1)

GEM
  remote: https://rubygems.org/
  specs:
    addressable (2.8.6)
      public_suffix (>= 2.0.2, < 6.0)
    ast (2.4.2)
    base64 (0.2.0)
    bigdecimal (3.1.8)
    crack (1.0.0)
      bigdecimal
      rexml
    debug (1.9.2)
      irb (~> 1.10)
      reline (>= 0.3.8)
    diff-lcs (1.5.1)
    dotenv (2.8.1)
    hashdiff (1.1.0)
    io-console (0.7.2)
    irb (1.13.1)
      rdoc (>= 4.0.0)
      reline (>= 0.4.2)
    json (2.7.2)
    language_server-protocol (3.17.0.3)
    parallel (1.24.0)
    parser (3.3.1.0)
      ast (~> 2.4.1)
      racc
    psych (5.1.2)
      stringio
    public_suffix (5.0.5)
    racc (1.7.3)
    rainbow (3.1.1)
    rake (13.2.1)
    rdoc (6.6.3.1)
      psych (>= 4.0.0)
    regexp_parser (2.9.2)
    reline (0.5.7)
      io-console (~> 0.5)
    rexml (3.2.8)
      strscan (>= 3.0.9)
    rspec (3.13.0)
      rspec-core (~> 3.13.0)
      rspec-expectations (~> 3.13.0)
      rspec-mocks (~> 3.13.0)
    rspec-core (3.13.0)
      rspec-support (~> 3.13.0)
    rspec-expectations (3.13.0)
      diff-lcs (>= 1.2.0, < 2.0)
      rspec-support (~> 3.13.0)
    rspec-mocks (3.13.1)
      diff-lcs (>= 1.2.0, < 2.0)
      rspec-support (~> 3.13.0)
    rspec-support (3.13.1)
    rubocop (1.63.5)
      json (~> 2.3)
      language_server-protocol (>= 3.17.0)
      parallel (~> 1.10)
      parser (>= 3.3.0.2)
      rainbow (>= 2.2.2, < 4.0)
      regexp_parser (>= 1.8, < 3.0)
      rexml (>= 3.2.5, < 4.0)
      rubocop-ast (>= 1.31.1, < 2.0)
      ruby-progressbar (~> 1.7)
      unicode-display_width (>= 2.4.0, < 3.0)
    rubocop-ast (1.31.3)
      parser (>= 3.3.1.0)
    ruby-progressbar (1.13.0)
    stringio (3.1.0)
    strscan (3.1.0)
    unicode-display_width (2.5.0)
    vcr (6.2.0)
    webmock (3.23.0)
      addressable (>= 2.8.0)
      crack (>= 0.3.2)
      hashdiff (>= 0.4.0, < 2.0.0)

PLATFORMS
  arm64-darwin-23
  ruby

DEPENDENCIES
  azure_app_config!
  base64 (~> 0.2.0)
  bigdecimal (~> 3.1)
  debug (~> 1.9)
  dotenv (~> 2.8)
  rake (~> 13.0)
  rspec (~> 3.0)
  rubocop (~> 1.21)
  vcr (~> 6.2)
  webmock (~> 3.19)

BUNDLED WITH
   2.5.3
